GEM
  remote: https://rubygems.org/
  specs:
    chronic (0.10.2)
    deep_merge (1.2.1)
    doing (1.0.29)
      chronic (~> 0.10, >= 0.10.2)
      deep_merge (~> 1.2, >= 1.2.1)
      gli (~> 2.17, >= 2.17.1)
      haml (~> 5.0.0, >= 5.0.0)
      json (~> 2.2.0, >= 1.8.1)
    gli (2.19.0)
    haml (5.0.4)
      temple (>= 0.8.0)
      tilt
    json (2.2.0)
    temple (0.8.2)
    tilt (2.0.10)

PLATFORMS
  ruby

DEPENDENCIES
  doing (~> 1.0)

BUNDLED WITH
   2.1.4
